GEM
  remote: https://rubygems.org/
  specs:
    byebug (10.0.2)
    faraday (0.17.5)
      multipart-post (>= 1.2, < 3)
    faraday-digestauth (0.4.1)
      faraday (>= 0.7)
      net-http-digest_auth (~> 1.4)
    ffi (1.13.1)
    ffi-win32-extensions (1.0.4)
      ffi
    git (1.11.0)
      rchardet (~> 1.8)
    image_size (2.1.2)
    license_finder (7.0.1)
      bundler
      rubyzip (>= 1, < 3)
      thor (~> 1.2)
      tomlrb (>= 1.3, < 2.1)
      with_env (= 1.1.0)
      xml-simple (~> 1.1.9)
    multipart-post (2.1.1)
    net-http-digest_auth (1.4.1)
    net-ping (2.0.8)
    net-telnet (0.2.0)
    nokogiri (1.13.5-x86_64-darwin)
      racc (~> 1.4)
    racc (1.6.0)
    rchardet (1.8.0)
    rexml (3.2.5)
    roku_builder (4.25.4)
      faraday (~> 0.13)
      faraday-digestauth (~> 0.2)
      git (~> 1.3)
      image_size (~> 2.0)
      net-ping (~> 2.0)
      net-telnet (~> 0.1)
      nokogiri (~> 1.12)
      rubyzip (~> 1.2)
      win32-security (~> 0.5)
    rubyzip (1.3.0)
    thor (1.2.1)
    tomlrb (2.0.1)
    win32-security (0.5.0)
      ffi
      ffi-win32-extensions
    with_env (1.1.0)
    xml-simple (1.1.9)
      rexml

PLATFORMS
  x86_64-darwin-21

DEPENDENCIES
  byebug (~> 10.0)
  ffi (~> 1.13.1)
  license_finder
  nokogiri (>= 1.6.7.rc)
  roku_builder (= 4.25.4)

BUNDLED WITH
   2.3.12
